GEM
  remote: https://rubygems.org/
  specs:
    actionmailer (4.2.0)
      actionpack (= 4.2.0)
      actionview (= 4.2.0)
      activejob (= 4.2.0)
      mail (~> 2.5, >= 2.5.4)
      rails-dom-testing (~> 1.0, >= 1.0.5)
    actionpack (4.2.0)
      actionview (= 4.2.0)
      activesupport (= 4.2.0)
      rack (~> 1.6.0)
      rack-test (~> 0.6.2)
      rails-dom-testing (~> 1.0, >= 1.0.5)
      rails-html-sanitizer (~> 1.0, >= 1.0.1)
    actionview (4.2.0)
      activesupport (= 4.2.0)
      builder (~> 3.1)
      erubis (~> 2.7.0)
      rails-dom-testing (~> 1.0, >= 1.0.5)
      rails-html-sanitizer (~> 1.0, >= 1.0.1)
    activejob (4.2.0)
      activesupport (= 4.2.0)
      globalid (>= 0.3.0)
    activemodel (4.2.0)
      activesupport (= 4.2.0)
      builder (~> 3.1)
    activerecord (4.2.0)
      activemodel (= 4.2.0)
      activesupport (= 4.2.0)
      arel (~> 6.0)
    activesupport (4.2.0)
      i18n (~> 0.7)
      json (~> 1.7, >= 1.7.7)
      minitest (~> 5.1)
      thread_safe (~> 0.3, >= 0.3.4)
      tzinfo (~> 1.1)
    addressable (2.3.6)
    annotate (2.5.0)
      rake
    arel (6.0.0)
    bcrypt (3.1.9)
    bootstrap-sass (2.3.0.1)
      sass (~> 3.2)
    bootstrap-will_paginate (0.0.9)
      will_paginate
    builder (3.2.2)
    cancan (1.6.10)
    capybara (1.1.2)
      mime-types (>= 1.16)
      nokogiri (>= 1.3.3)
      rack (>= 1.0.0)
      rack-test (>= 0.5.4)
      selenium-webdriver (~> 2.0)
      xpath (~> 0.1.4)
    childprocess (0.5.5)
      ffi (~> 1.0, >= 1.0.11)
    climate_control (0.0.3)
      activesupport (>= 3.0)
    cocaine (0.5.5)
      climate_control (>= 0.0.3, < 1.0)
    coderay (1.1.0)
    coffee-rails (4.0.1)
      coffee-script (>= 2.2.0)
      railties (>= 4.0.0, < 5.0)
    coffee-script (2.3.0)
      coffee-script-source
      execjs
    coffee-script-source (1.8.0)
    diff-lcs (1.2.5)
    erubis (2.7.0)
    execjs (2.2.2)
    factory_girl (4.2.0)
      activesupport (>= 3.0.0)
    factory_girl_rails (4.2.1)
      factory_girl (~> 4.2.0)
      railties (>= 3.0.0)
    faker (1.4.3)
      i18n (~> 0.5)
    ffi (1.9.6)
    foreigner (1.4.1)
      activerecord (>= 3.0.0)
      activerecord (>= 3.0.0)
      activerecord (>= 3.0.0)
      activerecord (>= 3.0.0)
      activerecord (>= 3.0.0)
      activerecord (>= 3.0.0)
      activerecord (>= 3.0.0)
      activerecord (>= 3.0.0)
      activerecord (>= 3.0.0)
      activerecord (>= 3.0.0)
      activerecord (>= 3.0.0)
      activerecord (>= 3.0.0)
      activerecord (>= 3.0.0)
      activerecord (>= 3.0.0)
      activerecord (>= 3.0.0)
      activerecord (>= 3.0.0)
      activerecord (>= 3.0.0)
      activerecord (>= 3.0.0)
      activerecord (>= 3.0.0)
      activerecord (>= 3.0.0)
      activerecord (>= 3.0.0)
      activerecord (>= 3.0.0)
      activerecord (>= 3.0.0)
      activerecord (>= 3.0.0)
      activerecord (>= 3.0.0)
      activerecord (>= 3.0.0)
      activerecord (>= 3.0.0)
      activerecord (>= 3.0.0)
      activerecord (>= 3.0.0)
      activerecord (>= 3.0.0)
      activerecord (>= 3.0.0)
      activerecord (>= 3.0.0)
      activerecord (>= 3.0.0)
      activerecord (>= 3.0.0)
      activerecord (>= 3.0.0)
      activerecord (>= 3.0.0)
      activerecord (>= 3.0.0)
      activerecord (>= 3.0.0)
      activerecord (>= 3.0.0)
      activerecord (>= 3.0.0)
      activerecord (>= 3.0.0)
      activerecord (>= 3.0.0)
      activerecord (>= 3.0.0)
      activerecord (>= 3.0.0)
      activerecord (>= 3.0.0)
      activerecord (>= 3.0.0)
      activerecord (>= 3.0.0)
      activerecord (>= 3.0.0)
      activerecord (>= 3.0.0)
      activerecord (>= 3.0.0)
      activerecord (>= 3.0.0)
      activerecord (>= 3.0.0)
      activerecord (>= 3.0.0)
      activerecord (>= 3.0.0)
      activerecord (>= 3.0.0)
      activerecord (>= 3.0.0)
      activerecord (>= 3.0.0)
      activerecord (>= 3.0.0)
      activerecord (>= 3.0.0)
      activerecord (>= 3.0.0)
      activerecord (>= 3.0.0)
      activerecord (>= 3.0.0)
      activerecord (>= 3.0.0)
      activerecord (>= 3.0.0)
      activerecord (>= 3.0.0)
      activerecord (>= 3.0.0)
      activerecord (>= 3.0.0)
      activerecord (>= 3.0.0)
      activerecord (>= 3.0.0)
      activerecord (>= 3.0.0)
      activerecord (>= 3.0.0)
      activerecord (>= 3.0.0)
      activerecord (>= 3.0.0)
      activerecord (>= 3.0.0)
      activerecord (>= 3.0.0)
      activerecord (>= 3.0.0)
      activerecord (>= 3.0.0)
      activerecord (>= 3.0.0)
      activerecord (>= 3.0.0)
      activerecord (>= 3.0.0)
      activerecord (>= 3.0.0)
      activerecord (>= 3.0.0)
      activerecord (>= 3.0.0)
      activerecord (>= 3.0.0)
      activerecord (>= 3.0.0)
      activerecord (>= 3.0.0)
      activerecord (>= 3.0.0)
      activerecord (>= 3.0.0)
      activerecord (>= 3.0.0)
      activerecord (>= 3.0.0)
      activerecord (>= 3.0.0)
      activerecord (>= 3.0.0)
      activerecord (>= 3.0.0)
      activerecord (>= 3.0.0)
      activerecord (>= 3.0.0)
      activerecord (>= 3.0.0)
      activerecord (>= 3.0.0)
      activerecord (>= 3.0.0)
      activerecord (>= 3.0.0)
      activerecord (>= 3.0.0)
      activerecord (>= 3.0.0)
      activerecord (>= 3.0.0)
      activerecord (>= 3.0.0)
      activerecord (>= 3.0.0)
      activerecord (>= 3.0.0)
      activerecord (>= 3.0.0)
      activerecord (>= 3.0.0)
      activerecord (>= 3.0.0)
      activerecord (>= 3.0.0)
      activerecord (>= 3.0.0)
      activerecord (>= 3.0.0)
      activerecord (>= 3.0.0)
      activerecord (>= 3.0.0)
      activerecord (>= 3.0.0)
      activerecord (>= 3.0.0)
      activerecord (>= 3.0.0)
      activerecord (>= 3.0.0)
      activerecord (>= 3.0.0)
      activerecord (>= 3.0.0)
      activerecord (>= 3.0.0)
      activerecord (>= 3.0.0)
      activerecord (>= 3.0.0)
      activerecord (>= 3.0.0)
      activerecord (>= 3.0.0)
      activerecord (>= 3.0.0)
      activerecord (>= 3.0.0)
      activerecord (>= 3.0.0)
      activerecord (>= 3.0.0)
      activerecord (>= 3.0.0)
      activerecord (>= 3.0.0)
      activerecord (>= 3.0.0)
      activerecord (>= 3.0.0)
      activerecord (>= 3.0.0)
      activerecord (>= 3.0.0)
      activerecord (>= 3.0.0)
      activerecord (>= 3.0.0)
      activerecord (>= 3.0.0)
      activerecord (>= 3.0.0)
      activerecord (>= 3.0.0)
      activerecord (>= 3.0.0)
      activerecord (>= 3.0.0)
      activerecord (>= 3.0.0)
      activerecord (>= 3.0.0)
      activerecord (>= 3.0.0)
      activerecord (>= 3.0.0)
      activerecord (>= 3.0.0)
      activerecord (>= 3.0.0)
      activerecord (>= 3.0.0)
      activerecord (>= 3.0.0)
      activerecord (>= 3.0.0)
      activerecord (>= 3.0.0)
      activerecord (>= 3.0.0)
      activerecord (>= 3.0.0)
      activerecord (>= 3.0.0)
      activerecord (>= 3.0.0)
      activerecord (>= 3.0.0)
      activerecord (>= 3.0.0)
      activerecord (>= 3.0.0)
      activerecord (>= 3.0.0)
      activerecord (>= 3.0.0)
      activerecord (>= 3.0.0)
      activerecord (>= 3.0.0)
      activerecord (>= 3.0.0)
      activerecord (>= 3.0.0)
      activerecord (>= 3.0.0)
      activerecord (>= 3.0.0)
      activerecord (>= 3.0.0)
      activerecord (>= 3.0.0)
      activerecord (>= 3.0.0)
      activerecord (>= 3.0.0)
      activerecord (>= 3.0.0)
      activerecord (>= 3.0.0)
      activerecord (>= 3.0.0)
      activerecord (>= 3.0.0)
    globalid (0.3.0)
      activesupport (>= 4.1.0)
    hike (1.2.3)
    i18n (0.7.0)
    immigrant (0.1.4)
      activerecord (>= 3.0)
      foreigner (>= 1.2.1)
    jquery-rails (4.0.3)
      rails-dom-testing (~> 1.0)
      railties (>= 4.2.0)
      thor (>= 0.14, < 2.0)
    json (1.8.2)
    launchy (2.4.3)
      addressable (~> 2.3)
    log_buddy (0.7.0)
    loofah (2.0.1)
      nokogiri (>= 1.5.9)
    mail (2.6.3)
      mime-types (>= 1.16, < 3)
    method_source (0.8.2)
    mime-types (2.4.3)
    mini_portile (0.6.2)
    minitest (5.5.0)
    multi_json (1.10.1)
    nokogiri (1.6.5)
      mini_portile (~> 0.6.0)
    paperclip (4.2.1)
      activemodel (>= 3.0.0)
      activesupport (>= 3.0.0)
      cocaine (~> 0.5.3)
      mime-types
    pg (0.17.1)
    pry (0.10.1)
      coderay (~> 1.1.0)
      method_source (~> 0.8.1)
      slop (~> 3.4)
    puma (2.10.2)
      rack (>= 1.1, < 2.0)
    rack (1.6.0)
    rack-test (0.6.3)
      rack (>= 1.0)
    rails (4.2.0)
      actionmailer (= 4.2.0)
      actionpack (= 4.2.0)
      actionview (= 4.2.0)
      activejob (= 4.2.0)
      activemodel (= 4.2.0)
      activerecord (= 4.2.0)
      activesupport (= 4.2.0)
      bundler (>= 1.3.0, < 2.0)
      railties (= 4.2.0)
      sprockets-rails
    rails-deprecated_sanitizer (1.0.3)
      activesupport (>= 4.2.0.alpha)
    rails-dom-testing (1.0.5)
      activesupport (>= 4.2.0.beta, < 5.0)
      nokogiri (~> 1.6.0)
      rails-deprecated_sanitizer (>= 1.0.1)
    rails-html-sanitizer (1.0.1)
      loofah (~> 2.0)
    rails_autolink (1.1.6)
      rails (> 3.1)
    railties (4.2.0)
      actionpack (= 4.2.0)
      activesupport (= 4.2.0)
      rake (>= 0.8.7)
      thor (>= 0.18.1, < 2.0)
    rake (10.4.2)
    redcarpet (3.0.0)
    rspec-collection_matchers (1.1.2)
      rspec-expectations (>= 2.99.0.beta1)
    rspec-core (2.99.2)
    rspec-expectations (2.99.2)
      diff-lcs (>= 1.1.3, < 2.0)
    rspec-mocks (2.99.2)
    rspec-rails (2.99.0)
      actionpack (>= 3.0)
      activemodel (>= 3.0)
      activesupport (>= 3.0)
      railties (>= 3.0)
      rspec-collection_matchers
      rspec-core (~> 2.99.0)
      rspec-expectations (~> 2.99.0)
      rspec-mocks (~> 2.99.0)
    rubyzip (1.1.6)
    sass (3.2.19)
    sass-rails (4.0.5)
      railties (>= 4.0.0, < 5.0)
      sass (~> 3.2.2)
      sprockets (~> 2.8, < 3.0)
      sprockets-rails (~> 2.0)
    selenium-webdriver (2.44.0)
      childprocess (~> 0.5)
      multi_json (~> 1.0)
      rubyzip (~> 1.0)
      websocket (~> 1.0)
    slop (3.6.0)
    sprockets (2.12.3)
      hike (~> 1.2)
      multi_json (~> 1.0)
      rack (~> 1.0)
      tilt (~> 1.1, != 1.3.0)
    sprockets-rails (2.2.2)
      actionpack (>= 3.0)
      activesupport (>= 3.0)
      sprockets (>= 2.8, < 4.0)
    thor (0.19.1)
    thread_safe (0.3.4)
    tilt (1.4.1)
    timecop (0.7.1)
    tzinfo (1.2.2)
      thread_safe (~> 0.1)
    uglifier (2.7.0)
      execjs (>= 0.3.0)
      json (>= 1.8.0)
    websocket (1.2.1)
    will_paginate (3.0.7)
    xpath (0.1.4)
      nokogiri (~> 1.3)

PLATFORMS
  ruby

DEPENDENCIES
  annotate (= 2.5.0)
  bcrypt (~> 3.1.0)
  bootstrap-sass (= 2.3.0.1)
  bootstrap-will_paginate (= 0.0.9)
  cancan (= 1.6.10)
  capybara (= 1.1.2)
  coffee-rails (~> 4.0.0)
  factory_girl_rails (= 4.2.1)
  faker
  foreigner (= 1.4.1)
  immigrant (= 0.1.4)
  jquery-rails
  launchy
  log_buddy
  minitest (~> 5.0)
  paperclip
  pg (= 0.17.1)
  pry
  puma (~> 2.7)
  rails (= 4.2.0)
  rails_autolink (~> 1.0)
  redcarpet (~> 3.0.0)
  rspec-rails (~> 2.14)
  sass-rails (~> 4.0.3)
  timecop
  uglifier (>= 1.3.0)
  will_paginate
